GIT
  remote: http://github.com/palmade/error_error.git
  revision: 90ca8bdb1ba75a6b85df07da20335ec57358a527
  specs:
    error_error (0.1)

GEM
  specs:
    activesupport (3.0.6)
    i18n (0.5.0)
    mail (2.2.15)
      activesupport (>= 2.3.6)
      i18n (>= 0.4.0)
      mime-types (~> 1.16)
      treetop (~> 1.4.8)
    mime-types (1.16)
    polyglot (0.3.1)
    treetop (1.4.9)
      polyglot (>= 0.3.1)

PLATFORMS
  ruby

DEPENDENCIES
  error_error!
  mail (= 2.2.15)
